NUGET
  remote: https://www.nuget.org/api/v2
    CommandLineParser (2.2.1) - restriction: == net47
      System.Collections (>= 4.0.11-rc2-24027) - restriction: >= netstandard1.5
      System.Console (>= 4.0.0-rc2-24027) - restriction: >= netstandard1.5
      System.Diagnostics.Debug (>= 4.0.11-rc2-24027) - restriction: >= netstandard1.5
      System.Globalization (>= 4.0.11-rc2-24027) - restriction: >= netstandard1.5
      System.IO (>= 4.1.0-rc2-24027) - restriction: >= netstandard1.5
      System.Linq (>= 4.1.0-rc2-24027) - restriction: >= netstandard1.5
      System.Linq.Expressions (>= 4.0.11-rc2-24027) - restriction: >= netstandard1.5
      System.Reflection (>= 4.1.0-rc2-24027) - restriction: >= netstandard1.5
      System.Reflection.Extensions (>= 4.0.1-rc2-24027) - restriction: >= netstandard1.5
      System.Reflection.TypeExtensions (>= 4.1.0-rc2-24027) - restriction: >= netstandard1.5
      System.Resources.ResourceManager (>= 4.0.1-rc2-24027) - restriction: >= netstandard1.5
      System.Runtime (>= 4.1.0-rc2-24027) - restriction: >= netstandard1.5
      System.Runtime.Extensions (>= 4.1.0-rc2-24027) - restriction: >= netstandard1.5
    System.Collections (4.3) - restriction: == net47
    System.Console (4.3) - restriction: == net47
    System.Diagnostics.Debug (4.3) - restriction: == net47
    System.Globalization (4.3) - restriction: == net47
    System.IO (4.3) - restriction: == net47
    System.Linq (4.3) - restriction: == net47
    System.Linq.Expressions (4.3) - restriction: == net47
    System.Reflection (4.3) - restriction: == net47
    System.Reflection.Extensions (4.3) - restriction: == net47
    System.Reflection.TypeExtensions (4.4) - restriction: == net47
    System.Resources.ResourceManager (4.3) - restriction: == net47
    System.Runtime (4.3) - restriction: == net47
    System.Runtime.Extensions (4.3) - restriction: == net47
